GEM
  remote: https://rubygems.org/
  specs:
    line-bot-api (1.12.0)
    mini_magick (4.9.5)
    mustermann (1.0.3)
    rack (2.0.7)
    rack-protection (2.0.7)
      rack
    sinatra (2.0.7)
      mustermann (~> 1.0)
      rack (~> 2.0)
      rack-protection (= 2.0.7)
      tilt (~> 2.0)
    tilt (2.0.10)

PLATFORMS
  ruby

DEPENDENCIES
  line-bot-api
  mini_magick
  sinatra

BUNDLED WITH
   1.16.2
